GEM
  remote: https://rubygems.org/
  specs:
    activesupport (4.2.5)
      i18n (~> 0.7)
      json (~> 1.7, >= 1.7.7)
      minitest (~> 5.1)
      thread_safe (~> 0.3, >= 0.3.4)
      tzinfo (~> 1.1)
    dnsbl-client (1.0.2)
    english (0.6.3)
      language
    ffi (1.9.18)
    i18n (0.8.1)
    json (1.8.6)
    language (0.6.0)
    linux-kstat (0.1.3-universal-linux)
    minitest (5.10.2)
    mixlib-cli (1.7.0)
    net-ping (1.7.8)
    sensu-plugin (1.2.0)
      json
      mixlib-cli (>= 1.1.0)
    sensu-plugins-cpu-checks (1.1.1)
      linux-kstat (= 0.1.3)
      sensu-plugin (~> 1.2)
    sensu-plugins-disk-checks (2.1.0)
      sensu-plugin (~> 1.2)
      sys-filesystem (= 1.1.7)
    sensu-plugins-hardware (0.0.4)
      sensu-plugin (= 1.2.0)
    sensu-plugins-memory-checks (2.1.0)
      sensu-plugin (~> 1.2)
    sensu-plugins-network-checks (1.1.0)
      activesupport (= 4.2.5)
      dnsbl-client (= 1.0.2)
      net-ping (= 1.7.8)
      sensu-plugin (~> 1.2)
      whois (= 3.6.3)
    sensu-plugins-process-checks (2.1.0)
      english (= 0.6.3)
      sensu-plugin (~> 1.2)
      sys-proctable (= 0.9.8)
    sensu-plugins-uptime-checks (1.1.0)
      sensu-plugin (~> 1.2)
    sys-filesystem (1.1.7)
      ffi
    sys-proctable (0.9.8-universal-darwin)
    thread_safe (0.3.6)
    tzinfo (1.2.3)
      thread_safe (~> 0.1)
    whois (3.6.3)
      activesupport (>= 3)

PLATFORMS
  ruby

DEPENDENCIES
  sensu-plugins-cpu-checks
  sensu-plugins-disk-checks
  sensu-plugins-hardware
  sensu-plugins-memory-checks
  sensu-plugins-network-checks
  sensu-plugins-process-checks
  sensu-plugins-uptime-checks

BUNDLED WITH
   1.15.0
